GEM
  remote: http://rubygems.org/
  specs:
    CFPropertyList (2.2.0)
    activesupport (3.2.13)
      i18n (= 0.6.1)
      multi_json (~> 1.0)
    addressable (2.3.4)
    awesome_print (1.1.0)
    bubble-wrap (1.3.0)
    builder (3.2.0)
    calabash-cucumber (0.9.138)
      CFPropertyList
      awesome_print
      bundler (~> 1.1)
      cucumber
      httpclient (= 2.3.2)
      json
      location-one (~> 0.0.9)
      run_loop (= 0.0.5)
      sim_launcher (= 0.4.6)
      slowhandcuke
    claide (0.3.2)
    cocoapods (0.20.2)
      activesupport (~> 3.2.13)
      claide (~> 0.3.2)
      cocoapods-core (= 0.20.2)
      cocoapods-downloader (~> 0.1.1)
      colored (~> 1.2)
      escape (~> 0.0.4)
      faraday (~> 0.8.1)
      json (~> 1.8.0)
      octokit (~> 1.7)
      open4 (~> 1.3.0)
      rake (~> 10.0.0)
      xcodeproj (~> 0.6.0)
    cocoapods-core (0.20.2)
      activesupport (~> 3.2.13)
      rake (~> 10.0.0)
    cocoapods-downloader (0.1.1)
    colored (1.2)
    cucumber (1.3.1)
      builder (>= 2.1.2)
      diff-lcs (>= 1.1.3)
      gherkin (~> 2.12.0)
      multi_json (~> 1.3)
    diff-lcs (1.2.4)
    escape (0.0.4)
    faraday (0.8.7)
      multipart-post (~> 1.1)
    faraday_middleware (0.9.0)
      faraday (>= 0.7.4, < 0.9)
    geocoder (1.1.8)
    gherkin (2.12.0)
      multi_json (~> 1.3)
    hashie (2.0.5)
    httpclient (2.3.2)
    i18n (0.6.1)
    json (1.8.0)
    location-one (0.0.9)
      geocoder (~> 1.1)
      httpclient (= 2.3.2)
      json
    motion-calabash (0.9.138)
      calabash-cucumber (= 0.9.138)
    motion-cocoapods (1.3.3)
      cocoapods (>= 0.17.0)
    motion-redgreen (0.1.0)
    motion-require (0.0.6)
    motion-support (0.2.4)
      motion-require (>= 0.0.6)
    motion_model (0.4.6)
      bubble-wrap (= 1.3.0)
      motion-support (>= 0.1.0)
    multi_json (1.7.7)
    multipart-post (1.2.0)
    netrc (0.7.7)
    octokit (1.24.0)
      addressable (~> 2.2)
      faraday (~> 0.8)
      faraday_middleware (~> 0.9)
      hashie (~> 2.0)
      multi_json (~> 1.3)
      netrc (~> 0.7.7)
    open4 (1.3.0)
    rack (1.5.2)
    rack-protection (1.5.0)
      rack
    rake (10.0.4)
    run_loop (0.0.5)
      thor
    sim_launcher (0.4.6)
      sinatra
    sinatra (1.4.2)
      rack (~> 1.5, >= 1.5.2)
      rack-protection (~> 1.4)
      tilt (~> 1.3, >= 1.3.4)
    slowhandcuke (0.0.3)
      cucumber
    sugarcube (0.20.23)
    sweettea (0.5.6)
      rake
      sugarcube
      teacup
    teacup (2.0.5)
    thor (0.18.1)
    tilt (1.4.1)
    xcodeproj (0.6.0)
      activesupport (~> 3.2.13)
      colored (~> 1.2)

PLATFORMS
  ruby

DEPENDENCIES
  bubble-wrap
  motion-calabash
  motion-cocoapods
  motion-redgreen
  motion_model
  sugarcube
  sweettea
  teacup
